GEM
  remote: http://rubygems.org/
  specs:
    ffi (1.0.11)
    growl (1.0.3)
    guard (1.0.1)
      ffi (>= 0.5.0)
      thor (~> 0.14.6)
    guard-sass (0.6.0)
      guard (>= 0.4.0)
      sass (>= 3.1)
    guard-slim (0.0.1)
      guard (>= 0.4.0)
      slim
    sass (3.1.15)
    slim (1.2.0)
      temple (~> 0.4.0)
      tilt (~> 1.3.3)
    temple (0.4.0)
    thor (0.14.6)
    tilt (1.3.3)

PLATFORMS
  ruby

DEPENDENCIES
  growl
  guard
  guard-sass
  guard-slim
